GEM
  remote: http://rubygems.org/
  specs:
    coffee-script (2.2.0)
      coffee-script-source
      execjs
    coffee-script-source (1.0.1)
    execjs (0.3.0)
      multi_json (~> 1.0)
    growl (1.0.3)
    guard (0.3.4)
      thor (~> 0.14.6)
    guard-coffeescript (0.2.0)
      coffee-script (~> 2.2.0)
      guard (~> 0.3.0)
    json (1.5.1)
    multi_json (1.0.0)
    rb-fsevent (0.4.0)
    thor (0.14.6)

PLATFORMS
  ruby

DEPENDENCIES
  growl
  guard-coffeescript
  json
  rb-fsevent
