GIT
  remote: http://github.com/guard/guard
  revision: 7ee0f9c03f23752fb9d57094f64c04fb97cc12eb
  specs:
    guard (0.9.4)
      ffi (>= 0.5.0)
      thor (~> 0.14.6)

GIT
  remote: https://github.com/mcmire/jammit
  revision: 3b8cec81c341c46ae3e2ff434ce9c4a2d8e563b0
  branch: fix_rails_assumptions
  specs:
    jammit (0.6.5)
      yui-compressor (>= 0.9.3)

GIT
  remote: https://github.com/mcmire/jammit-sinatra
  revision: 2805e62e2a24cb6e795661fae06326b0dff84d93
  branch: middleware_only_dev
  specs:
    jammit-sinatra (0.6.0.1)
      jammit (>= 0.6.0)

GEM
  remote: http://rubygems.org/
  specs:
    POpen4 (0.1.4)
      Platform (>= 0.4.0)
      open4
    Platform (0.4.0)
    addressable (2.2.6)
    coffee-script (2.2.0)
      coffee-script-source
      execjs
    coffee-script-source (1.2.0)
    daemons (1.1.6)
    eventmachine (0.12.10)
    execjs (1.2.4)
      multi_json (~> 1.0)
    ffi (1.0.11)
    growl (1.0.3)
    guard-coffeescript (0.3.3)
      coffee-script (>= 2.2.0)
      guard (>= 0.4)
    guard-sass (0.5.4)
      guard (>= 0.4.0)
      sass (>= 3.1)
    heroku (2.17.0)
      launchy (>= 0.3.2)
      rest-client (~> 1.6.1)
      rubyzip
      term-ansicolor (~> 1.0.5)
    launchy (2.0.5)
      addressable (~> 2.2.6)
    mime-types (1.17.2)
    multi_json (1.0.3)
    open4 (1.3.0)
    rack (1.4.0)
    rack-protection (1.2.0)
      rack
    rake (0.9.2.2)
    rb-fsevent (0.4.3.1)
    rest-client (1.6.7)
      mime-types (>= 1.16)
    rubyzip (0.9.5)
    sass (3.1.12)
    shotgun (0.9)
      rack (>= 1.0)
    sinatra (1.3.2)
      rack (~> 1.3, >= 1.3.6)
      rack-protection (~> 1.2)
      tilt (~> 1.3, >= 1.3.3)
    term-ansicolor (1.0.7)
    thin (1.3.1)
      daemons (>= 1.0.9)
      eventmachine (>= 0.12.6)
      rack (>= 1.0.0)
    thor (0.14.6)
    tilt (1.3.3)
    yajl-ruby (1.1.0)
    yui-compressor (0.9.6)
      POpen4 (>= 0.1.4)

PLATFORMS
  ruby

DEPENDENCIES
  coffee-script-source (~> 1.2.0)
  growl
  guard!
  guard-coffeescript
  guard-sass
  heroku
  jammit!
  jammit-sinatra!
  rake
  rb-fsevent
  shotgun
  sinatra (= 1.3.2)
  thin
  yajl-ruby
