GIT
  remote: http://github.com/guard/guard
  revision: 7ee0f9c03f23752fb9d57094f64c04fb97cc12eb
  specs:
    guard (0.9.4)
      ffi (>= 0.5.0)
      thor (~> 0.14.6)

GEM
  remote: http://rubygems.org/
  specs:
    addressable (2.2.6)
    chunky_png (1.2.5)
    coffee-script (2.2.0)
      coffee-script-source
      execjs
    coffee-script-source (1.2.0)
    colored (1.2)
    compass (0.12.alpha.3)
      chunky_png (~> 1.2)
      fssm (>= 0.2.7)
      sass (~> 3.1)
    execjs (1.2.4)
      multi_json (~> 1.0)
    ffi (1.0.11)
    fssm (0.2.7)
    growl (1.0.3)
    guard-coffeescript (0.3.3)
      coffee-script (>= 2.2.0)
      guard (>= 0.4)
    guard-shell (0.1.1)
      guard (>= 0.2.0)
    heroku (2.17.0)
      launchy (>= 0.3.2)
      rest-client (~> 1.6.1)
      rubyzip
      term-ansicolor (~> 1.0.5)
    launchy (2.0.5)
      addressable (~> 2.2.6)
    mime-types (1.17.2)
    multi_json (1.0.3)
    rack (1.3.2)
    rb-fsevent (0.4.3.1)
    rest-client (1.6.7)
      mime-types (>= 1.16)
    rubyzip (0.9.5)
    sass (3.1.12)
    shotgun (0.9)
      rack (>= 1.0)
    sinatra (1.2.6)
      rack (~> 1.1)
      tilt (>= 1.2.2, < 2.0)
    term-ansicolor (1.0.7)
    thor (0.14.6)
    tilt (1.3.2)

PLATFORMS
  ruby

DEPENDENCIES
  coffee-script-source (~> 1.2.0)
  colored
  compass (= 0.12.alpha.3)
  growl
  guard!
  guard-coffeescript
  guard-shell
  heroku
  rb-fsevent
  shotgun
  sinatra (= 1.2.6)
