GIT
  remote: http://github.com/guard/guard
  revision: b144514b06357a890b19d29b6001eaf2d686800b
  specs:
    guard (0.6.2)
      thor (~> 0.14.6)

GEM
  remote: http://rubygems.org/
  specs:
    chunky_png (1.1.2)
    coffee-script (2.2.0)
      coffee-script-source
      execjs
    coffee-script-source (1.1.2)
    colored (1.2)
    compass (0.11.beta.7)
      chunky_png (~> 1.1.0)
      sass (>= 3.1.0.alpha.249)
    execjs (1.2.4)
      multi_json (~> 1.0)
    growl (1.0.3)
    guard-coffeescript (0.3.3)
      coffee-script (>= 2.2.0)
      guard (>= 0.4)
    guard-shell (0.1.1)
      guard (>= 0.2.0)
    multi_json (1.0.3)
    rack (1.3.2)
    rb-fsevent (0.4.3.1)
    sass (3.2.0.alpha.11)
    shotgun (0.9)
      rack (>= 1.0)
    sinatra (1.2.6)
      rack (~> 1.1)
      tilt (>= 1.2.2, < 2.0)
    thor (0.14.6)
    tilt (1.3.2)

PLATFORMS
  ruby

DEPENDENCIES
  colored
  compass (= 0.11.beta.7)
  growl
  guard!
  guard-coffeescript
  guard-shell
  rb-fsevent
  shotgun
  sinatra (= 1.2.6)
